PATH
  remote: .
  specs:
    hash_json_path (1.0.0)

GEM
  remote: https://rubygems.org/
  specs:
    minitest (5.18.0)
    rake (13.0.6)

PLATFORMS
  x86_64-darwin-20

DEPENDENCIES
  hash_json_path!
  minitest (~> 5.0)
  rake (~> 13.0)

BUNDLED WITH
   2.4.9
